PATH
  remote: .
  specs:
    barruun (0.1.7)
      thor (~> 1.1)

GEM
  remote: https://rubygems.org/
  specs:
    diff-lcs (1.5.0)
    power_assert (1.1.7)
    rake (13.0.6)
    rspec (3.10.0)
      rspec-core (~> 3.10.0)
      rspec-expectations (~> 3.10.0)
      rspec-mocks (~> 3.10.0)
    rspec-core (3.10.1)
      rspec-support (~> 3.10.0)
    rspec-expectations (3.10.2)
      diff-lcs (>= 1.2.0, < 2.0)
      rspec-support (~> 3.10.0)
    rspec-mocks (3.10.2)
      diff-lcs (>= 1.2.0, < 2.0)
      rspec-support (~> 3.10.0)
    rspec-power_assert (1.1.0)
      power_assert (~> 1.1.0)
      rspec (>= 2.14)
    rspec-support (3.10.3)
    thor (1.2.1)
    webrick (1.7.0)
    yard (0.9.27)
      webrick (~> 1.7.0)

PLATFORMS
  x86_64-darwin-20
  x86_64-linux

DEPENDENCIES
  barruun!
  rake (~> 13.0)
  rspec
  rspec-power_assert
  yard

RUBY VERSION
   ruby 3.0.3p157

BUNDLED WITH
   2.2.32
