PATH
  remote: .
  specs:
    barruun (0.1.0)
      active_hash
      thor (~> 1.1)

GEM
  remote: https://rubygems.org/
  specs:
    active_hash (3.1.0)
      activesupport (>= 5.0.0)
    activesupport (7.0.1)
      concurrent-ruby (~> 1.0, >= 1.0.2)
      i18n (>= 1.6, < 2)
      minitest (>= 5.1)
      tzinfo (~> 2.0)
    concurrent-ruby (1.1.9)
    diff-lcs (1.5.0)
    i18n (1.8.11)
      concurrent-ruby (~> 1.0)
    minitest (5.15.0)
    power_assert (1.1.7)
    rake (13.0.6)
    rspec (3.10.0)
      rspec-core (~> 3.10.0)
      rspec-expectations (~> 3.10.0)
      rspec-mocks (~> 3.10.0)
    rspec-core (3.10.1)
      rspec-support (~> 3.10.0)
    rspec-expectations (3.10.2)
      diff-lcs (>= 1.2.0, < 2.0)
      rspec-support (~> 3.10.0)
    rspec-mocks (3.10.2)
      diff-lcs (>= 1.2.0, < 2.0)
      rspec-support (~> 3.10.0)
    rspec-power_assert (1.1.0)
      power_assert (~> 1.1.0)
      rspec (>= 2.14)
    rspec-support (3.10.3)
    thor (1.2.1)
    tzinfo (2.0.4)
      concurrent-ruby (~> 1.0)
    webrick (1.7.0)
    yard (0.9.27)
      webrick (~> 1.7.0)

PLATFORMS
  x86_64-darwin-20
  x86_64-linux

DEPENDENCIES
  barruun!
  rake (~> 13.0)
  rspec
  rspec-power_assert
  yard

RUBY VERSION
   ruby 3.0.3p157

BUNDLED WITH
   2.2.32
